GEM
  remote: https://rubygems.org/
  specs:
    addressable (2.8.0)
      public_suffix (>= 2.0.2, < 5.0)
    ast (2.4.2)
    diva (1.1.1)
      addressable (>= 2.5.2, < 3.0)
    highline (2.0.3)
    jaro_winkler (1.5.4)
    parallel (1.21.0)
    parser (3.0.2.0)
      ast (~> 2.4.1)
    powerpack (0.1.3)
    public_suffix (4.0.6)
    rainbow (3.0.0)
    rubocop (0.60.0)
      jaro_winkler (~> 1.5.1)
      parallel (~> 1.10)
      parser (>= 2.5, != 2.5.1.1)
      powerpack (~> 0.1)
      rainbow (>= 2.2.2, < 4.0)
      ruby-progressbar (~> 1.7)
      unicode-display_width (~> 1.4.0)
    ruby-progressbar (1.11.0)
    thor (0.19.4)
    unicode-display_width (1.4.1)

PLATFORMS
  x64-mingw32

DEPENDENCIES
  diva (~> 1.1.1)
  highline (~> 2.0.3)
  rubocop (~> 0.60.0)
  thor (~> 0.19.1)

BUNDLED WITH
   2.2.30
